GIT
  remote: https://github.com/HomeBusProjects/ruby-homebus
  revision: f0fff8e41734fee104259ee626e257a0cadd2eff
  branch: main
  specs:
    homebus (0.30.2)
      mqtt (~> 0.5.0)

GEM
  remote: https://rubygems.org/
  specs:
    dotenv (2.8.1)
    ethon (0.15.0)
      ffi (>= 1.15.0)
    ffi (1.15.5)
    influxdb-client (2.0.0)
    influxdb-client-apis (2.0.0)
      influxdb-client (= 2.0.0)
      typhoeus (~> 1.0, >= 1.0.1)
    mqtt (0.5.0)
    typhoeus (1.4.0)
      ethon (>= 0.9.0)

PLATFORMS
  arm64-darwin-20
  arm64-darwin-21

DEPENDENCIES
  dotenv
  homebus (>= 0.30.2)!
  influxdb-client (~> 2.0.0)
  influxdb-client-apis (~> 2.0.0)

BUNDLED WITH
   2.3.5
